PATH
  remote: .
  specs:
    searchlogic (2.5.8)
      activerecord (~> 2.3.12)
      activesupport (~> 2.3.12)

GEM
  remote: http://rubygems.org/
  specs:
    activerecord (2.3.14)
      activesupport (= 2.3.14)
    activesupport (2.3.14)
    appraisal (0.4.1)
      bundler
      rake
    rake (0.9.2.2)
    rspec (1.3.2)
    sqlite3 (1.3.6)

PLATFORMS
  ruby

DEPENDENCIES
  appraisal (= 0.4.1)
  rspec (~> 1.3.1)
  searchlogic!
  sqlite3
